GEM
  remote: https://rubygems.org/
  specs:
    cryptsy-api (0.0.3)
      httparty
      json
    diff-lcs (1.2.5)
    faraday (0.8.8)
      multipart-post (~> 1.2.0)
    httparty (0.12.0)
      json (~> 1.8)
      multi_xml (>= 0.5.2)
    json (1.8.1)
    mtgox (1.1.0)
      faraday (~> 0.8, < 0.10)
      json (~> 1.7, >= 1.7.7)
    multi_xml (0.5.5)
    multipart-post (1.2.0)
    rspec (2.14.1)
      rspec-core (~> 2.14.0)
      rspec-expectations (~> 2.14.0)
      rspec-mocks (~> 2.14.0)
    rspec-core (2.14.7)
    rspec-expectations (2.14.4)
      diff-lcs (>= 1.1.3, < 2.0)
    rspec-mocks (2.14.4)

PLATFORMS
  x64-mingw32

DEPENDENCIES
  cryptsy-api
  mtgox
  rspec
